GIT
  remote: https://github.com/rchampourlier/guard-shotgun.git
  revision: 99da0f11d5901cfa8844e6bd8b77bcd6dc9b3ea6
  specs:
    guard-shotgun (0.0.5)
      ffi
      guard
      spoon

GEM
  remote: http://rubygems.org/
  specs:
    coderay (1.0.8)
    faker (1.1.2)
      i18n (~> 0.5)
    ffi (1.2.0)
    guard (1.6.0)
      listen (>= 0.6.0)
      lumberjack (>= 1.0.2)
      pry (>= 0.9.10)
      thor (>= 0.14.6)
    guard-bundler (1.0.0)
      bundler (~> 1.0)
      guard (~> 1.1)
    guard-minitest (0.5.0)
      guard (>= 0.4)
    i18n (0.6.1)
    listen (0.6.0)
    lumberjack (1.0.2)
    method_source (0.8.1)
    minitest (4.3.3)
    nokogiri (1.5.6)
    pry (0.9.10)
      coderay (~> 1.0.5)
      method_source (~> 0.8)
      slop (~> 3.3.1)
    rack (1.4.1)
    rack-protection (1.3.2)
      rack
    rb-fsevent (0.9.2)
    sinatra (1.3.3)
      rack (~> 1.3, >= 1.3.6)
      rack-protection (~> 1.2)
      tilt (~> 1.3, >= 1.3.3)
    slim (1.3.5)
      temple (~> 0.5.5)
      tilt (~> 1.3.3)
    slop (3.3.3)
    spoon (0.0.1)
    temple (0.5.5)
    thor (0.16.0)
    tilt (1.3.3)

PLATFORMS
  ruby

DEPENDENCIES
  faker
  guard-bundler
  guard-minitest
  guard-shotgun!
  minitest
  nokogiri
  pry
  rb-fsevent
  sinatra
  slim
